[System]
Scanner=SkyScan2214
Instrument S/N=20C18017
Software Version=1.8
Home Directory=C:\SkyScan2214\SkyScan2214 User Software
Source Type=Hamamatsu L10711
Camera Type=FlatPanel: 2...50um, 140mm max.FOV
Camera Pixel Size (um)=74.800
Camera X/Y Ratio=1.0030
[User]
User Name=Skyscan4
Computer Name=ANAMIC05
[Acquisition]
Data Directory=D:\Results\VETSUISSE\Laminitis\Limb01\proj
Filename Prefix=Limb01~00
Number Of Files= 1104
Number Of Rows=  972
Number Of Columns= 1536
Filename Index Length=8
Partial Width=OFF
Image crop origin X=0
Image crop origin Y=0
Camera binning=2x2
Image Rotation=0.18000
Optical Axis (line)=  501
Object to Source (mm)=178.159
Camera to Source (mm)=313.563
Source Voltage (kV)= 130
Source Current (uA)= 105
Source Target Power (W)=12.95
Image Pixel Size (um)=84.999120
Scaled Image Pixel Size (um)=84.999120
Image Format=TIFF
Depth (bits)=16
Reference Intensity=58000
Exposure (ms)=2794
Rotation Step (deg)=0.200
Use 360 Rotation=NO
High Aspect Ratio=NO
Scanning position=0.000 mm
Frame Averaging=OFF (4)
Flat Field Correction=ON
FF updating interval=158
Random Movement=OFF (20)
Filter=Cu 1mm
Gantry direction=CW
Rotation Direction=CW
Intrinsic CS rotation in degree=0.0
Type of Detector Motion=STEP AND SHOOT
Scanning Trajectory=ROUND
Number of connected scans=3
Current scan number=1
Number of lines to be reconstructed=552
Source Filament Type=W
Source spot size=Large
Suggested HU - Calibration=180000
Number Of Horizontal Offset Positions=1
Study Date and Time=26 Oct 2021  17h:30m:52s
Estimated Scan duration=4h:44m:0s
Scan duration=2h:11m:15s
Maximum vertical TS=1.0
Maximum horizontal TS=1.0
TS modified at=October27,08:39:14 ---  1104 of 1104 projections
TS modified according to=D:\Results\VETSUISSE\Laminitis\Limb01\proj\Limb01~00_2DTransform.csv
TS modified at level=3
[Reconstruction]
Pseudo-parallel projection calculated=1
