[System]
Scanner=SkyScan2214
Instrument S/N=20C18017
Software Version=1.8
Home Directory=C:\SkyScan2214\SkyScan2214 User Software
Source Type=Hamamatsu L10711
Camera Type=FlatPanel: 2...50um, 140mm max.FOV
Camera Pixel Size (um)=74.800
Camera X/Y Ratio=1.0030
[User]
User Name=Skyscan4
Computer Name=ANAMIC05
[Acquisition]
Data Directory=D:\Results\VETSUISSE\Laminitis\Limb05\proj
Filename Prefix=Limb05~01
Number Of Files= 3601
Number Of Rows= 1944
Number Of Columns= 3072
Filename Index Length=8
Partial Width=OFF
Image crop origin X=0
Image crop origin Y=0
Camera binning=1x1
Image Rotation=0.20000
Optical Axis (line)= 1003
Object to Source (mm)=184.452
Camera to Source (mm)=313.563
Source Voltage (kV)= 150
Source Current (uA)= 100
Source Target Power (W)=14.34
Image Pixel Size (um)=44.000711
Scaled Image Pixel Size (um)=44.000711
Image Format=TIFF
Depth (bits)=16
Reference Intensity=58000
Exposure (ms)=2514
Rotation Step (deg)=0.100
Use 360 Rotation=YES
High Aspect Ratio=NO
Scanning position=30.922 mm
Frame Averaging=OFF (3)
Flat Field Correction=ON
FF updating interval=515
Random Movement=OFF (40)
Filter=Al 1mm + Cu 1mm
Gantry direction=CW
Rotation Direction=CW
Intrinsic CS rotation in degree=0.0
Type of Detector Motion=STEP AND SHOOT
Scanning Trajectory=ROUND
Number of connected scans=3
Current scan number=2
Number of lines to be reconstructed=1093
Source Filament Type=W
Source spot size=Large
Suggested HU - Calibration=180000
Number Of Horizontal Offset Positions=1
Study Date and Time=22 Sep 2023  04h:26m:20s
Estimated Scan duration=13h:59m:57s
Scan duration=6h:54m:7s
Maximum vertical TS=5.0
[Reconstruction]
Pseudo-parallel projection calculated=1
