[System]
Scanner=SkyScan2214
Instrument S/N=20C18017
Software Version=1.8
Home Directory=C:\SkyScan2214\SkyScan2214 User Software
Source Type=Hamamatsu L10711
Camera Type=FlatPanel: 2...50um, 140mm max.FOV
Camera Pixel Size (um)=74.800
Camera X/Y Ratio=1.0030
[User]
User Name=Skyscan4
Computer Name=ANAMIC05
[Acquisition]
Data Directory=D:\Results\VETSUISSE\Laminitis\Limb04\proj
Filename Prefix=Limb04~00
Number Of Files= 3601
Number Of Rows= 1944
Number Of Columns= 3072
Filename Index Length=8
Partial Width=OFF
Image crop origin X=0
Image crop origin Y=0
Camera binning=1x1
Image Rotation=0.20000
Optical Axis (line)= 1003
Object to Source (mm)=184.452
Camera to Source (mm)=313.563
Source Voltage (kV)= 150
Source Current (uA)= 100
Source Target Power (W)=14.26
Image Pixel Size (um)=44.000711
Scaled Image Pixel Size (um)=44.000711
Image Format=TIFF
Depth (bits)=16
Reference Intensity=58000
Exposure (ms)=2514
Rotation Step (deg)=0.100
Use 360 Rotation=YES
High Aspect Ratio=NO
Scanning position=1.562 mm
Frame Averaging=OFF (3)
Flat Field Correction=ON
FF updating interval=515
Random Movement=OFF (40)
Filter=Al 1mm + Cu 1mm
Gantry direction=CW
Rotation Direction=CW
Intrinsic CS rotation in degree=0.0
Type of Detector Motion=STEP AND SHOOT
Scanning Trajectory=ROUND
Number of connected scans=2
Current scan number=1
Number of lines to be reconstructed=1535
Source Filament Type=W
Source spot size=Large
Suggested HU - Calibration=180000
Number Of Horizontal Offset Positions=1
Study Date and Time=13 Sep 2023  17h:17m:28s
Estimated Scan duration=9h:19m:58s
Scan duration=6h:54m:25s
Maximum vertical TS=5.0
[Reconstruction]
Reconstruction Program=NRecon
Program Version=Version: 2.1.0.1
Program Home Directory=C:\SkyScan2214\SkyScan2214 User Software
Reconstruction engine=GPUReconServer
Engine version=Version: 2.1.0
Reconstruction from batch=Yes
Postalignment Applied=1
Reconstructed using oversize-option=No
Connected Reconstruction (parts)=2
Oversize-option Bitmap=9
Sub-scan post alignment [0]=8.000000
Sub-scan post alignment [1]=-2.000000
Sub-scan scan length [0]=1540
Sub-scan scan length [1]=1535
Reconstruction servers= ANAMIC05 
Option for additional DICOM format=ON
Dataset Origin=SkyScan2214
Dataset Prefix=Limb04~01
Dataset Directory=D:\Results\VETSUISSE\Laminitis\Limb04\proj
Output Directory=D:\Results\VETSUISSE\Laminitis\Limb04\rec
Time and Date=14 Sep 2023  14h:05m:54s
First Section=345
Last Section=3477
Reconstruction duration per slice (seconds)=0.486987
Total reconstruction time (3189 slices) in seconds=1553.000000
Heel Effect Correction On=0
Section to Section Step=1
Sections Count=3133
Result File Type=PNG
Result File Header Length (bytes)=Unknown: compressed JPG format (100%)
Result Image Width (pixels)=2816
Result Image Height (pixels)=2816
Pixel Size (um)=44.00071
Reconstruction Angular Range (deg)=360.00
Use 180+=OFF
Angular Step (deg)=0.1000
Smoothing=0
Ring Artifact Correction=0
Draw Scales=OFF
Object Bigger than FOV=OFF
Reconstruction from ROI=ON_ROUND
ROI Top (pixels)=2921
ROI Bottom (pixels)=102
ROI Left (pixels)=61
ROI Right (pixels)=2880
ROI reference length=3072
Filter cutoff relative to Nyquist frequency=100
Filter type=0
Filter type description=Hamming (Alpha=0.54)
Undersampling factor=1
Threshold for defect pixel mask (%)=0
Beam Hardening Correction (%)=0
CS Static Rotation (deg)=9.83
CS Static Rotation Total(deg)=9.83
Minimum for CS to Image Conversion=0.000000
Maximum for CS to Image Conversion=0.010899
HU Calibration=OFF
BMP LUT=0
Cone-beam Angle Horiz.(deg)=40.246700
Cone-beam Angle Vert.(deg)=26.108852
