[System]
Scanner=SkyScan2214
Instrument S/N=20C18017
Software Version=1.8
Home Directory=C:\SkyScan2214\SkyScan2214 User Software
Source Type=Hamamatsu L10711
Camera Type=FlatPanel: 2...50um, 140mm max.FOV
Camera Pixel Size (um)=74.800
Camera X/Y Ratio=1.0030
[User]
User Name=Skyscan4
Computer Name=ANAMIC05
[Acquisition]
Data Directory=D:\Results\VETSUISSE\Laminitis\Limb03\proj
Filename Prefix=Limb03~00
Number Of Files= 3601
Number Of Rows= 1944
Number Of Columns= 3072
Filename Index Length=8
Partial Width=OFF
Image crop origin X=0
Image crop origin Y=0
Camera binning=1x1
Image Rotation=0.18000
Optical Axis (line)= 1003
Object to Source (mm)=176.063
Camera to Source (mm)=313.563
Source Voltage (kV)= 150
Source Current (uA)= 100
Source Target Power (W)=14.05
Image Pixel Size (um)=41.999681
Scaled Image Pixel Size (um)=41.999681
Image Format=TIFF
Depth (bits)=16
Reference Intensity=58000
Exposure (ms)=2514
Rotation Step (deg)=0.100
Use 360 Rotation=YES
High Aspect Ratio=NO
Scanning position=0.000 mm
Frame Averaging=OFF (5)
Flat Field Correction=ON
FF updating interval=515
Random Movement=OFF (40)
Filter=Al 1mm + Cu 1mm
Gantry direction=CW
Rotation Direction=CW
Intrinsic CS rotation in degree=0.0
Type of Detector Motion=STEP AND SHOOT
Scanning Trajectory=ROUND
Number of connected scans=3
Current scan number=1
Number of lines to be reconstructed=1114
Source Filament Type=W
Source spot size=Large
Suggested HU - Calibration=180000
Number Of Horizontal Offset Positions=1
Study Date and Time=28 Apr 2023  22h:37m:03s
Estimated Scan duration=13h:59m:57s
Scan duration=6h:53m:10s
Maximum vertical TS=5.0
[Reconstruction]
Reconstruction Program=NRecon
Program Version=Version: 2.1.0.1
Program Home Directory=C:\SkyScan2214\SkyScan2214 User Software
Reconstruction engine=GPUReconServer
Engine version=Version: 2.1.0
Reconstruction from batch=Yes
Postalignment Applied=1
Reconstructed using oversize-option=No
Connected Reconstruction (parts)=2
Oversize-option Bitmap=9
Sub-scan post alignment [0]=12.000000
Sub-scan post alignment [1]=11.000000
Reconstruction servers= ANAMIC05 
Dataset Origin=SkyScan2214
Dataset Prefix=Limb03~00
Dataset Directory=D:\Results\VETSUISSE\Laminitis\Limb03\proj
Output Directory=D:\Results\VETSUISSE\Laminitis\Limb03\rec
Time and Date=22 Jun 2023  11h:33m:00s
First Section=2
Last Section=1551
Reconstruction duration per slice (seconds)=0.419355
Total reconstruction time (1550 slices) in seconds=650.000000
Heel Effect Correction On=0
Section to Section Step=1
Sections Count=1550
Result File Type=PNG
Result File Header Length (bytes)=Unknown: compressed JPG format (100%)
Result Image Width (pixels)=2724
Result Image Height (pixels)=2052
Pixel Size (um)=41.99968
Reconstruction Angular Range (deg)=360.00
Use 180+=OFF
Angular Step (deg)=0.1000
Smoothing=0
Ring Artifact Correction=0
Draw Scales=OFF
Object Bigger than FOV=OFF
Reconstruction from ROI=ON
ROI Top (pixels)=2420
ROI Bottom (pixels)=367
ROI Left (pixels)=179
ROI Right (pixels)=2904
ROI reference length=3072
Filter cutoff relative to Nyquist frequency=100
Filter type=0
Filter type description=Hamming (Alpha=0.54)
Undersampling factor=1
Threshold for defect pixel mask (%)=0
Beam Hardening Correction (%)=0
CS Static Rotation (deg)=-87.59
CS Static Rotation Total(deg)=-87.59
Minimum for CS to Image Conversion=0.000000
Maximum for CS to Image Conversion=0.011181
HU Calibration=OFF
BMP LUT=0
Cone-beam Angle Horiz.(deg)=40.246830
Cone-beam Angle Vert.(deg)=26.108942
