[System]
Scanner=SkyScan2214
Instrument S/N=20C18017
Software Version=1.8
Home Directory=C:\SkyScan2214\SkyScan2214 User Software
Source Type=Hamamatsu L10711
Camera Type=FlatPanel: 2...50um, 140mm max.FOV
Camera Pixel Size (um)=74.800
Camera X/Y Ratio=1.0030
[User]
User Name=Skyscan4
Computer Name=ANAMIC05
[Acquisition]
Data Directory=D:\Results\VETSUISSE\Laminitis\Limb03\proj02
Filename Prefix=Limb03~00
Number Of Files= 3601
Number Of Rows= 1944
Number Of Columns= 3072
Filename Index Length=8
Partial Width=OFF
Image crop origin X=0
Image crop origin Y=0
Camera binning=1x1
Image Rotation=0.18000
Optical Axis (line)= 1003
Object to Source (mm)=167.681
Camera to Source (mm)=313.563
Source Voltage (kV)= 139
Source Current (uA)= 100
Source Target Power (W)=13.37
Image Pixel Size (um)=40.000167
Scaled Image Pixel Size (um)=40.000167
Image Format=TIFF
Depth (bits)=16
Reference Intensity=58000
Exposure (ms)=2550
Rotation Step (deg)=0.100
Use 360 Rotation=YES
High Aspect Ratio=NO
Scanning position=0.000 mm
Frame Averaging=OFF (5)
Flat Field Correction=ON
FF updating interval=515
Random Movement=OFF (40)
Filter=Cu 1mm
Gantry direction=CW
Rotation Direction=CW
Intrinsic CS rotation in degree=0.0
Type of Detector Motion=STEP AND SHOOT
Scanning Trajectory=ROUND
Number of connected scans=3
Current scan number=1
Number of lines to be reconstructed=1141
Source Filament Type=W
Source spot size=Large
Suggested HU - Calibration=180000
Number Of Horizontal Offset Positions=1
Study Date and Time=02 May 2023  00h:23m:30s
Estimated Scan duration=14h:6m:24s
Scan duration=6h:56m:47s
Maximum vertical TS=1.0
Maximum horizontal TS=1.0
TS modified at=May02,14:42:31 ---  3601 of 3601 projections
TS modified according to=D:\Results\VETSUISSE\Laminitis\Limb03\proj02\Limb03~00_2DTransform.csv
TS modified at level=3
[Reconstruction]
Pseudo-parallel projection calculated=1
