[System]
Scanner=SkyScan2214
Instrument S/N=20C18017
Software Version=1.8
Home Directory=C:\SkyScan2214\SkyScan2214 User Software
Source Type=Hamamatsu L10711
Camera Type=FlatPanel: 2...50um, 140mm max.FOV
Camera Pixel Size (um)=74.800
Camera X/Y Ratio=1.0030
[User]
User Name=Skyscan4
Computer Name=ANAMIC05
[Acquisition]
Data Directory=D:\Results\VETSUISSE\Laminitis\Limb01\proj
Filename Prefix=Limb01~00
Number Of Files= 1104
Number Of Rows=  972
Number Of Columns= 1536
Filename Index Length=8
Partial Width=OFF
Image crop origin X=0
Image crop origin Y=0
Camera binning=2x2
Image Rotation=0.18000
Optical Axis (line)=  501
Object to Source (mm)=178.159
Camera to Source (mm)=313.563
Source Voltage (kV)= 130
Source Current (uA)= 105
Source Target Power (W)=12.95
Image Pixel Size (um)=84.999120
Scaled Image Pixel Size (um)=84.999120
Image Format=TIFF
Depth (bits)=16
Reference Intensity=58000
Exposure (ms)=2794
Rotation Step (deg)=0.200
Use 360 Rotation=NO
High Aspect Ratio=NO
Scanning position=0.000 mm
Frame Averaging=OFF (4)
Flat Field Correction=ON
FF updating interval=158
Random Movement=OFF (20)
Filter=Cu 1mm
Gantry direction=CW
Rotation Direction=CW
Intrinsic CS rotation in degree=0.0
Type of Detector Motion=STEP AND SHOOT
Scanning Trajectory=ROUND
Number of connected scans=3
Current scan number=1
Number of lines to be reconstructed=552
Source Filament Type=W
Source spot size=Large
Suggested HU - Calibration=180000
Number Of Horizontal Offset Positions=1
Study Date and Time=26 Oct 2021  17h:30m:52s
Estimated Scan duration=4h:44m:0s
Scan duration=2h:11m:15s
Maximum vertical TS=5.0
[Reconstruction]
Reconstruction Program=NRecon
Program Version=Version: 2.1.0.1
Program Home Directory=C:\SkyScan2214\SkyScan2214 User Software
Reconstruction engine=GPUReconServer
Engine version=Version: 2.1.0
Reconstruction from batch=Yes
Postalignment Applied=1
Reconstructed using oversize-option=No
Connected Reconstruction (parts)=3
Oversize-option Bitmap=9
Sub-scan post alignment [0]=16.500000
Sub-scan post alignment [1]=12.500000
Sub-scan post alignment [2]=8.000000
Sub-scan scan length [0]=359
Sub-scan scan length [1]=552
Sub-scan scan length [2]=552
Reconstruction servers= ANAMIC05 
Dataset Origin=SkyScan2214
Dataset Prefix=Limb01~02
Dataset Directory=D:\Results\VETSUISSE\Laminitis\Limb01\proj
Output Directory=D:\Results\VETSUISSE\Laminitis\Limb01\rec
Time and Date=02 May 2023  18h:26m:16s
First Section=83
Last Section=1881
Reconstruction duration per slice (seconds)=0.124187
Total reconstruction time (1844 slices) in seconds=229.000000
Heel Effect Correction On=0
Section to Section Step=1
Sections Count=1799
Result File Type=PNG
Result File Header Length (bytes)=Unknown: compressed JPG format (100%)
Result Image Width (pixels)=1536
Result Image Height (pixels)=1536
Pixel Size (um)=84.99912
Reconstruction Angular Range (deg)=220.80
Use 180+=OFF
Angular Step (deg)=0.2000
Smoothing=0
Ring Artifact Correction=0
Draw Scales=OFF
Object Bigger than FOV=OFF
Reconstruction from ROI=OFF
Filter cutoff relative to Nyquist frequency=100
Filter type=0
Filter type description=Hamming (Alpha=0.54)
Undersampling factor=1
Threshold for defect pixel mask (%)=0
Beam Hardening Correction (%)=10
CS Static Rotation (deg)=75.33
CS Static Rotation Total(deg)=75.33
Minimum for CS to Image Conversion=0.000000
Maximum for CS to Image Conversion=0.008815
HU Calibration=OFF
BMP LUT=0
Cone-beam Angle Horiz.(deg)=40.246731
Cone-beam Angle Vert.(deg)=26.108873
Sub-Scan 0 ends at slice=680
Sub-Scan 1 ends at slice=1136
Sub-Scan 2 ends at slice=1720
Automatic Matching In Z=50
Automatic Matching In X/Y=0
Automatic Matching In Rotation=0.000000
Automatic Fusion=1
Automatic Heel Effect Correction=0
[File name convention]
Filename Index Length=8
Filename Prefix=Limb01_rec
