[System]
Scanner=SkyScan2214
Instrument S/N=20C18017
Software Version=1.8
Home Directory=C:\SkyScan2214\SkyScan2214 User Software
Source Type=Hamamatsu L10711
Camera Type=FlatPanel: 2...50um, 140mm max.FOV
Camera Pixel Size (um)=74.800
Camera X/Y Ratio=1.0030
[User]
User Name=Skyscan4
Computer Name=ANAMIC05
[Acquisition]
Data Directory=D:\Results\VETSUISSE\Laminitis\Limb03\proj02
Filename Prefix=Limb03~00
Number Of Files= 3601
Number Of Rows= 1944
Number Of Columns= 3072
Filename Index Length=8
Partial Width=OFF
Image crop origin X=0
Image crop origin Y=0
Camera binning=1x1
Image Rotation=0.18000
Optical Axis (line)= 1003
Object to Source (mm)=167.681
Camera to Source (mm)=313.563
Source Voltage (kV)= 139
Source Current (uA)= 100
Source Target Power (W)=13.37
Image Pixel Size (um)=40.000167
Scaled Image Pixel Size (um)=40.000167
Image Format=TIFF
Depth (bits)=16
Reference Intensity=58000
Exposure (ms)=2550
Rotation Step (deg)=0.100
Use 360 Rotation=YES
High Aspect Ratio=NO
Scanning position=0.000 mm
Frame Averaging=OFF (5)
Flat Field Correction=ON
FF updating interval=515
Random Movement=OFF (40)
Filter=Cu 1mm
Gantry direction=CW
Rotation Direction=CW
Intrinsic CS rotation in degree=0.0
Type of Detector Motion=STEP AND SHOOT
Scanning Trajectory=ROUND
Number of connected scans=3
Current scan number=1
Number of lines to be reconstructed=1141
Source Filament Type=W
Source spot size=Large
Suggested HU - Calibration=180000
Number Of Horizontal Offset Positions=1
Study Date and Time=02 May 2023  00h:23m:30s
Estimated Scan duration=14h:6m:24s
Scan duration=6h:56m:47s
Maximum vertical TS=5.0
[Reconstruction]
Reconstruction Program=NRecon
Program Version=Version: 2.1.0.1
Program Home Directory=C:\SkyScan2214\SkyScan2214 User Software
Reconstruction engine=GPUReconServer
Engine version=Version: 2.1.0
Reconstruction from batch=Yes
Postalignment Applied=1
Reconstructed using oversize-option=No
Connected Reconstruction (parts)=3
Oversize-option Bitmap=9
Sub-scan post alignment [0]=13.000000
Sub-scan post alignment [1]=4.000000
Sub-scan post alignment [2]=-4.000000
Sub-scan scan length [0]=789
Sub-scan scan length [1]=1143
Sub-scan scan length [2]=1141
Reconstruction servers= ANAMIC05 
Option for additional DICOM format=ON
Dataset Origin=SkyScan2214
Dataset Prefix=Limb03~02
Dataset Directory=D:\Results\VETSUISSE\Laminitis\Limb03\proj02
Output Directory=D:\Results\VETSUISSE\Laminitis\Limb03\rec02
Time and Date=04 May 2023  14h:47m:45s
First Section=2
Last Section=3872
Reconstruction duration per slice (seconds)=0.542710
Total reconstruction time (3875 slices) in seconds=2103.000000
Heel Effect Correction On=0
Section to Section Step=1
Sections Count=3871
Result File Type=PNG
Result File Header Length (bytes)=Unknown: compressed JPG format (100%)
Result Image Width (pixels)=3072
Result Image Height (pixels)=3072
Pixel Size (um)=40.00017
Reconstruction Angular Range (deg)=360.00
Use 180+=OFF
Angular Step (deg)=0.1000
Smoothing=0
Ring Artifact Correction=0
Draw Scales=OFF
Object Bigger than FOV=OFF
Reconstruction from ROI=OFF
Filter cutoff relative to Nyquist frequency=100
Filter type=0
Filter type description=Hamming (Alpha=0.54)
Undersampling factor=1
Threshold for defect pixel mask (%)=0
Beam Hardening Correction (%)=0
CS Static Rotation (deg)=-82.38
CS Static Rotation Total(deg)=-82.38
Minimum for CS to Image Conversion=0.000000
Maximum for CS to Image Conversion=0.011353
HU Calibration=OFF
BMP LUT=0
Cone-beam Angle Horiz.(deg)=40.246838
Cone-beam Angle Vert.(deg)=26.108946
Sub-Scan 0 ends at slice=1397
Sub-Scan 1 ends at slice=2363
Sub-Scan 2 ends at slice=3552
Automatic Matching In Z=50
Automatic Matching In X/Y=0
Automatic Matching In Rotation=0.000000
Automatic Fusion=1
Automatic Heel Effect Correction=0
[File name convention]
Filename Index Length=8
Filename Prefix=Limb03_rec
